GEM
  remote: https://rubygems.org/
  specs:
    parallel (0.5.19)
    pg (0.14.1)

PLATFORMS
  ruby

DEPENDENCIES
  parallel
  pg
